GEM
  remote: http://rubygems.org/
  specs:
    activesupport (3.2.9)
      i18n (~> 0.6)
      multi_json (~> 1.0)
    chronic (0.6.7)
    deprecated (3.0.1)
    i18n (0.6.1)
    maid (0.1.3)
      deprecated (~> 3.0.1)
      maid-xdg (= 2.2.1.2)
      thor (~> 0.16.0)
    maid-xdg (2.2.1.2)
    multi_json (1.4.0)
    thor (0.16.0)
    whenever (0.7.3)
      activesupport (>= 2.3.4)
      chronic (~> 0.6.3)

PLATFORMS
  ruby

DEPENDENCIES
  maid
  whenever
