GEM
  remote: http://rubygems.org/
  specs:
    activesupport (4.0.4)
      i18n (~> 0.6, >= 0.6.9)
      minitest (~> 4.2)
      multi_json (~> 1.3)
      thread_safe (~> 0.1)
      tzinfo (~> 0.3.37)
    atomic (1.1.16)
    chronic (0.10.2)
    deprecated (3.0.1)
    escape (0.0.4)
    i18n (0.6.9)
    maid (0.5.0)
      deprecated (~> 3.0.0)
      escape (>= 0.0.1, < 0.1.0)
      mime-types (~> 2.0)
      rubyzip (~> 1.1.0)
      thor (>= 0.14.0, < 0.19.0)
      xdg (~> 2.2.3)
    mime-types (2.2)
    minitest (4.7.5)
    multi_json (1.9.2)
    rubyzip (1.1.2)
    thor (0.18.1)
    thread_safe (0.3.1)
      atomic (>= 1.1.7, < 2)
    tzinfo (0.3.39)
    whenever (0.9.2)
      activesupport (>= 2.3.4)
      chronic (>= 0.6.3)
    xdg (2.2.3)

PLATFORMS
  ruby

DEPENDENCIES
  maid
  whenever
